GEM
  remote: http://rubygems.org/
  specs:
    celluloid (0.2.1)
    rack (1.3.2)
    redis (2.2.2)
    sinatra (1.2.6)
      rack (~> 1.1)
      tilt (< 2.0, >= 1.2.2)
    tilt (1.3.3)
    unicorn (1.1.5)
      rack

PLATFORMS
  ruby

DEPENDENCIES
  celluloid
  redis
  sinatra
  unicorn (= 1.1.5)
